REDIRECTS: ON
NUGET
  remote: https://www.nuget.org/api/v2
  specs:
    Destructurama.JsonNet (1.0.3)
      Newtonsoft.Json (>= 6.0.8)
      Serilog (>= 1.4.204)
    EventStore.Client (3.4.0)
    Exira.ErrorHandling (0.1.33)
      FSharp.Core
    Exira.EventStore (0.5.13)
      EventStore.Client
      ExtCore
      FSharp.Core
      FsPickler.Json
    ExtCore (0.8.45)
    FAKE (4.8.0)
    FSharp.Compiler.Service (1.4.0.6)
    FSharp.Configuration (0.5.3)
    FSharp.Core (4.0.0.1)
    FSharp.Formatting (2.12.0)
      FSharp.Compiler.Service (1.4.0.6)
      FSharpVSPowerTools.Core (2.1.0)
    FSharpVSPowerTools.Core (2.1.0)
      FSharp.Compiler.Service (>= 1.4.0.6)
    FsPickler (1.7.0)
    FsPickler.Json (1.7.0)
      FsPickler (1.7.0)
      Newtonsoft.Json (>= 6.0.5)
    Microsoft.Bcl (1.1.10)
      Microsoft.Bcl.Build (>= 1.0.14)
    Microsoft.Bcl.Build (1.0.21) - import_targets: false
    Microsoft.Net.Http (2.2.29)
      Microsoft.Bcl (>= 1.1.10)
      Microsoft.Bcl.Build (>= 1.0.14)
    Newtonsoft.Json (7.0.1)
    Octokit (0.16.0)
      Microsoft.Net.Http
    Serilog (1.5.14)
    SourceLink.Fake (1.1.0)
    Topshelf (3.2.0)
    Topshelf.FSharp (2.1.0)
      Topshelf (>= 3.2.0)
GITHUB
  remote: fsharp/FAKE
  specs:
    modules/Octokit/Octokit.fsx (29cd4ee57792f0f35e18bd97d4517eb8c94de569)
      Octokit