REDIRECTS: ON
NUGET
  remote: https://www.nuget.org/api/v2
  specs:
    Aether (8.0.2)
    Chiron (6.0.1)
      Aether (>= 8.0.2 < 9.0.0)
      FParsec (>= 1.0.0 < 2.0.0)
    Destructurama.JsonNet (1.0.3)
      Newtonsoft.Json (>= 6.0.8)
      Serilog (>= 1.4.204)
    EventStore.Client (3.4.0)
    Exira.ErrorHandling (0.2.37)
      FSharp.Core
    Exira.EventStore (0.8.23)
      Chiron
      EventStore.Client
      ExtCore
      FSharp.Core
    ExtCore (0.8.45)
    FAKE (4.12.0)
    FParsec (1.0.2)
    FSharp.Compiler.Service (1.4.2.3)
    FSharp.Configuration (0.5.7)
    FSharp.Core (4.0.0.1)
    FSharp.Formatting (2.12.1)
      FSharp.Compiler.Service (>= 1.4.2 < 1.5.0)
      FSharpVSPowerTools.Core (>= 2.2.0 < 2.3.0)
    FSharpVSPowerTools.Core (2.2.0)
      FSharp.Compiler.Service (>= 1.4.2.0)
    Microsoft.Bcl (1.1.10)
      Microsoft.Bcl.Build (>= 1.0.14)
    Microsoft.Bcl.Build (1.0.21) - import_targets: false
    Microsoft.Net.Http (2.2.29)
      Microsoft.Bcl (>= 1.1.10)
      Microsoft.Bcl.Build (>= 1.0.14)
    Newtonsoft.Json (8.0.1)
    Octokit (0.17.0)
      Microsoft.Net.Http
    Serilog (1.5.14)
    Serilog.Sinks.Seq (1.5.27)
      Microsoft.Net.Http (>= 2.2.20) - framework: net40
      Serilog (>= 1.5.10) - framework: >= net40
    SourceLink.Fake (1.1.0)
    Topshelf (3.3.1)
    Topshelf.FSharp (2.1.0)
      Topshelf (>= 3.2.0)
GITHUB
  remote: fsharp/FAKE
  specs:
    modules/Octokit/Octokit.fsx (7d1a6f8e48d1e2e1e3246ea24a4de05cccc8ce64)
      Octokit